PATH
  remote: .
  specs:
    vibe (0.0.1)
      rest-client (~> 1.7)

GEM
  remote: https://rubygems.org/
  specs:
    mime-types (2.4.2)
    netrc (0.8.0)
    rake (10.1.0)
    rest-client (1.7.2)
      mime-types (>= 1.16, < 3.0)
      netrc (~> 0.7)

PLATFORMS
  ruby

DEPENDENCIES
  bundler (~> 1.7)
  rake (~> 10.0)
  vibe!
